PATH
  remote: .
  specs:
    ansible-utils (0.1.0)
      commander (~> 4.5)

GEM
  remote: https://rubygems.org/
  specs:
    ast (2.4.1)
    coderay (1.1.3)
    commander (4.5.2)
      highline (~> 2.0.0)
    diff-lcs (1.4.4)
    highline (2.0.3)
    jaro_winkler (1.5.4)
    method_source (1.0.0)
    parallel (1.20.1)
    parser (3.0.0.0)
      ast (~> 2.4.1)
    powerpack (0.1.3)
    pry (0.13.1)
      coderay (~> 1.1)
      method_source (~> 1.0)
    rainbow (3.0.0)
    rake (13.0.3)
    rspec (3.10.0)
      rspec-core (~> 3.10.0)
      rspec-expectations (~> 3.10.0)
      rspec-mocks (~> 3.10.0)
    rspec-core (3.10.1)
      rspec-support (~> 3.10.0)
    rspec-expectations (3.10.1)
      diff-lcs (>= 1.2.0, < 2.0)
      rspec-support (~> 3.10.0)
    rspec-mocks (3.10.1)
      diff-lcs (>= 1.2.0, < 2.0)
      rspec-support (~> 3.10.0)
    rspec-support (3.10.1)
    rubocop (0.59.2)
      jaro_winkler (~> 1.5.1)
      parallel (~> 1.10)
      parser (>= 2.5, != 2.5.1.1)
      powerpack (~> 0.1)
      rainbow (>= 2.2.2, < 4.0)
      ruby-progressbar (~> 1.7)
      unicode-display_width (~> 1.0, >= 1.0.1)
    ruby-progressbar (1.11.0)
    unicode-display_width (1.7.0)

PLATFORMS
  x86_64-linux

DEPENDENCIES
  ansible-utils!
  bundler (~> 2.1)
  pry
  rake (~> 13.0)
  rspec (~> 3.4)
  rubocop (~> 0.59.2)

BUNDLED WITH
   2.2.3
